GEM
  remote: http://rubygems.org/
  specs:
    daemons (1.1.4)
    docsplit (0.6.0)
    getopt (1.4.1)
    json (1.6.3)
    nakamura (0.7)
      json (>= 1.6.3)
    rbtagger (0.4.7)
    rmagick (2.13.1)
    term-extract (0.5.2)
      rbtagger (~> 0.4.7)

PLATFORMS
  ruby

DEPENDENCIES
  daemons
  docsplit
  getopt
  json
  nakamura (>= 0.7)
  rmagick
  term-extract
